GEM
  remote: https://rubygems.org/
  specs:
    ast (2.0.0)
    parser (2.1.9)
      ast (>= 1.1, < 3.0)
      slop (~> 3.4, >= 3.4.5)
    slop (3.5.0)

PLATFORMS
  ruby

DEPENDENCIES
  parser
